GIT
  remote: https://github.com/mhfs/sidekiq-failures.git
  revision: aa4cb60b8c2da551936753b4a70ba2b8de19aa83
  specs:
    sidekiq-failures (1.0.3)
      sidekiq (>= 4.0.0)

GEM
  remote: https://rubygems.org/
  specs:
    connection_pool (2.2.5)
    mustermann (2.0.2)
      ruby2_keywords (~> 0.0.1)
    rack (2.2.4)
    rack-protection (2.2.2)
      rack
    redis (4.8.0)
    ruby2_keywords (0.0.5)
    sidekiq (6.5.6)
      connection_pool (>= 2.2.5)
      rack (~> 2.0)
      redis (>= 4.5.0, < 5)
    sinatra (2.2.2)
      mustermann (~> 2.0)
      rack (~> 2.2)
      rack-protection (= 2.2.2)
      tilt (~> 2.0)
    slim (4.1.0)
      temple (>= 0.7.6, < 0.9)
      tilt (>= 2.0.6, < 2.1)
    temple (0.8.2)
    tilt (2.0.11)
    webrick (1.7.0)

PLATFORMS
  x86_64-linux

DEPENDENCIES
  rack
  sidekiq
  sidekiq-failures!
  sinatra
  slim
  webrick

BUNDLED WITH
   2.3.17
