GIT
  remote: git://github.com/mhfs/sidekiq-failures.git
  revision: 1df77493f2c49722f0f18ce2826da82c993ac0f1
  specs:
    sidekiq-failures (0.1.0)
      sidekiq (>= 2.2.1)

GEM
  remote: https://rubygems.org/
  specs:
    celluloid (0.14.0)
      timers (>= 1.0.0)
    connection_pool (1.0.0)
    json (1.8.0)
    rack (1.5.2)
    rack-protection (1.5.0)
      rack
    redis (3.0.4)
    redis-namespace (1.3.0)
      redis (~> 3.0.0)
    sidekiq (2.12.0)
      celluloid (>= 0.14.0)
      connection_pool (>= 1.0.0)
      json
      redis (>= 3.0)
      redis-namespace
    sinatra (1.4.2)
      rack (~> 1.5, >= 1.5.2)
      rack-protection (~> 1.4)
      tilt (~> 1.3, >= 1.3.4)
    slim (1.3.9)
      temple (~> 0.6.3)
      tilt (~> 1.3, >= 1.3.3)
    temple (0.6.5)
    tilt (1.4.1)
    timers (1.1.0)

PLATFORMS
  ruby

DEPENDENCIES
  rack
  sidekiq
  sidekiq-failures!
  sinatra
  slim
